NUGET
  remote: https://www.nuget.org/api/v2
  specs:
    Argu (2.1)
    Basis.Core (1.1.3)
    FSharp.Core (4.0.0.1) - redirects: force
    FSharp.Data (2.2.5)
      Zlib.Portable (>= 1.10.0) - framework: portable-net40+sl50+wp80+win80
    FsUnit (1.4.1)
      FSharp.Core (>= 3.1.2.5)
      NUnit (2.6.4)
    Newtonsoft.Json (8.0.2)
    NUnit (2.6.4)
    Zlib.Portable (1.11.0) - framework: portable-net40+sl50+wp80+win80
